GEM
  remote: http://rubygems.org/
  specs:
    chunky_png (1.2.0)
    compass (0.11.1)
      chunky_png (~> 1.1)
      fssm (>= 0.2.7)
      sass (~> 3.1)
    ffaker (0.4.0)
    fssm (0.2.7)
    haml (3.1.1)
    jsmin (1.0.1)
    pistol (0.0.2)
    rack (1.3.0)
    rtopia (0.2.3)
    sass (3.1.1)
    sequel (3.16.0)
    shield (0.0.3)
    sinatra (1.2.6)
      rack (~> 1.1)
      tilt (< 2.0, >= 1.2.2)
    sinatra-content-for (0.2)
      sinatra
    sinatra-support (1.2.0)
      sinatra (>= 1.0)
    tilt (1.3.2)

PLATFORMS
  ruby

DEPENDENCIES
  compass (= 0.11.1)
  ffaker (= 0.4.0)
  haml (= 3.1.1)
  jsmin (= 1.0.1)
  pistol (= 0.0.2)
  rack (= 1.3.0)
  rtopia
  sequel (= 3.16.0)
  shield (= 0.0.3)
  sinatra (= 1.2.6)
  sinatra-content-for (= 0.2)
  sinatra-support (= 1.2.0)
